GIT
  remote: https://github.com/bpaquet/prometheus_exporter.git
  revision: c2cfa5c539582048273fd226c98b69b7b6a8fb1d
  ref: c2cfa5c539582048273fd226c98b69b7b6a8fb1d
  specs:
    prometheus_exporter (0.4.2)

GEM
  remote: https://rubygems.org/
  specs:

PLATFORMS
  ruby

DEPENDENCIES
  prometheus_exporter!

RUBY VERSION
   ruby 2.5.3p105

BUNDLED WITH
   1.17.1
